GEM
  remote: https://rubygems.org/
  specs:
    Ascii85 (1.0.3)
    activesupport (7.0.4)
      concurrent-ruby (~> 1.0, >= 1.0.2)
      i18n (>= 1.6, < 2)
      minitest (>= 5.1)
      tzinfo (~> 2.0)
    afm (0.2.2)
    concurrent-ruby (1.1.5)
    hashery (2.1.2)
    i18n (1.12.0)
      concurrent-ruby (~> 1.0)
    mime-types (3.4.1)
      mime-types-data (~> 3.2015)
    mime-types-data (3.2022.0105)
    mini_portile2 (2.8.0)
    minitest (5.16.3)
    nokogiri (1.13.9)
      mini_portile2 (~> 2.8.0)
      racc (~> 1.4)
    odf-report (0.7.3)
      mime-types
      nokogiri (>= 1.10.0)
      rubyzip (>= 1.3.0)
    pdf-reader (2.10.0)
      Ascii85 (~> 1.0)
      afm (~> 0.2.1)
      hashery (~> 2.0)
      ruby-rc4
      ttfunk
    racc (1.6.0)
    ruby-rc4 (0.1.5)
    rubyzip (2.3.2)
    ttfunk (1.7.0)
    tzinfo (2.0.4)
      concurrent-ruby (~> 1.0)

PLATFORMS
  ruby

DEPENDENCIES
  activesupport
  i18n
  nokogiri
  odf-report
  pdf-reader

BUNDLED WITH
   2.1.4
