GEM
  remote: https://rubygems.org/
  specs:
    Ascii85 (1.0.3)
    afm (0.2.2)
    concurrent-ruby (1.1.5)
    hashery (2.1.2)
    i18n (1.7.0)
      concurrent-ruby (~> 1.0)
    mini_portile2 (2.4.0)
    nokogiri (1.10.5)
      mini_portile2 (~> 2.4.0)
    odf-report (0.6.1)
      nokogiri (>= 1.5.0)
      rubyzip (>= 1.3.0)
    pdf-reader (2.3.0)
      Ascii85 (~> 1.0.0)
      afm (~> 0.2.1)
      hashery (~> 2.0)
      ruby-rc4
      ttfunk
    ruby-rc4 (0.1.5)
    rubyzip (2.0.0)
    ttfunk (1.5.1)

PLATFORMS
  ruby

DEPENDENCIES
  i18n
  nokogiri
  odf-report
  pdf-reader

BUNDLED WITH
   2.0.1
